GEM
  remote: http://rubygems.org/
  specs:
    nokogiri (1.5.5)
    rack (1.2.1)
    redcarpet (2.1.1)
    sinatra (1.1.0)
      rack (~> 1.1)
      tilt (~> 1.1)
    tilt (1.1)

PLATFORMS
  ruby

DEPENDENCIES
  nokogiri
  redcarpet (>= 2.0)
  sinatra
